PATH
  remote: .
  specs:
    runeblog (0.1.48)
      livetext (~> 0.8, >= 0.8.58)
      rubytext (~> 0.1, >= 0.1.14)

GEM
  remote: https://rubygems.org/
  specs:
    curses (1.2.7)
    livetext (0.8.62)
    minitest (5.11.3)
    minitest-fail-fast (0.1.0)
      minitest (~> 5)
    rake (12.3.2)
    rubytext (0.1.14)
      curses (~> 1.2, >= 1.2.5)

PLATFORMS
  ruby

DEPENDENCIES
  curses
  livetext
  minitest
  minitest-fail-fast
  rake
  rubytext
  runeblog!

BUNDLED WITH
   2.0.1
